GIT
  remote: https://github.com/tomato-fox/mina.git
  revision: 1211c0ff1c302d6c6ef6ef5b3821080798289480
  specs:
    mina (1.0.7)
      open4 (~> 1.3.4)
      rake

GEM
  remote: https://rubygems.org/
  specs:
    open4 (1.3.4)
    rake (12.0.0)

PLATFORMS
  ruby

DEPENDENCIES
  mina!

BUNDLED WITH
   1.15.1
